GEM
  remote: https://rubygems.org/
  specs:
    bacon (1.2.0)
    benchmark-ips (2.6.1)
    cells (4.1.7)
      declarative-builder (< 0.2.0)
      declarative-option (< 0.2.0)
      tilt (>= 1.4, < 3)
      uber (< 0.2.0)
    cells-haml (0.0.10)
      cells (>= 4.0.1, <= 6.0.0)
      haml (>= 4.1.0.beta.1)
    concurrent-ruby (1.0.2)
    declarative (0.0.8)
      uber (>= 0.0.15)
    declarative-builder (0.1.0)
      declarative-option (< 0.2.0)
    declarative-option (0.1.0)
    disposable (0.3.2)
      declarative (>= 0.0.8, < 1.0.0)
      representable (>= 2.4.0, <= 3.1.0)
      uber
    dry-configurable (0.3.0)
      concurrent-ruby (~> 1.0)
    dry-container (0.5.0)
      concurrent-ruby (~> 1.0)
      dry-configurable (~> 0.1, >= 0.1.3)
    dry-core (0.2.1)
      concurrent-ruby (~> 1.0)
    dry-equalizer (0.2.0)
    dry-logic (0.4.0)
      dry-container (~> 0.2, >= 0.2.6)
      dry-core (~> 0.1)
      dry-equalizer (~> 0.2)
    dry-types (0.9.2)
      concurrent-ruby (~> 1.0)
      dry-configurable (~> 0.1)
      dry-container (~> 0.3)
      dry-core (~> 0.2)
      dry-equalizer (~> 0.2)
      dry-logic (~> 0.4, >= 0.4.0)
      inflecto (~> 0.0.0, >= 0.0.2)
    dry-validation (0.10.3)
      concurrent-ruby (~> 1.0)
      dry-configurable (~> 0.1, >= 0.1.3)
      dry-container (~> 0.2, >= 0.2.8)
      dry-core (~> 0.1)
      dry-equalizer (~> 0.2)
      dry-logic (~> 0.4, >= 0.4.0)
      dry-types (~> 0.9, >= 0.9.0)
    ffi (1.9.10)
    formular (0.2.3)
      declarative (~> 0.0.4)
      uber (>= 0.0.11, < 0.2.0)
    haml (5.0.4)
      temple (>= 0.8.0)
      tilt
    inflecto (0.0.2)
    listen (3.1.5)
      rb-fsevent (~> 0.9, >= 0.9.4)
      rb-inotify (~> 0.9, >= 0.9.7)
      ruby_dep (~> 1.2)
    rack (1.6.4)
    rack-protection (1.5.3)
      rack
    rb-fsevent (0.9.7)
    rb-inotify (0.9.7)
      ffi (>= 0.5.0)
    reform (2.2.0)
      disposable (>= 0.3.0, < 0.4.0)
      representable (>= 2.4.0, < 3.1.0)
      uber (~> 0.0.11)
    representable (3.0.1)
      declarative (~> 0.0.5)
      uber (>= 0.0.15, < 0.2.0)
    rerun (0.11.0)
      listen (~> 3.0)
    ruby_dep (1.3.1)
    sequel (4.34.0)
    sinatra (1.4.7)
      rack (~> 1.5)
      rack-protection (~> 1.4)
      tilt (>= 1.3, < 3)
    sinatra-sequel (0.9.0)
      bacon
      sequel (>= 3.2.0)
      sinatra (>= 0.9.4)
    sqlite3 (1.3.11)
    temple (0.8.0)
    tilt (2.0.8)
    trailblazer (1.1.0)
      declarative
      reform (>= 2.0.0, < 3.0.0)
      uber (>= 0.0.15)
    trailblazer-cells (0.0.2)
      cells (>= 4.1.0.rc1, < 5.0.0)
    uber (0.0.15)

PLATFORMS
  ruby

DEPENDENCIES
  benchmark-ips
  cells
  cells-haml
  dry-types
  dry-validation
  formular
  reform (= 2.2.0)
  rerun
  sinatra
  sinatra-sequel
  sqlite3
  trailblazer (= 1.1.0)
  trailblazer-cells

BUNDLED WITH
   1.16.5
